GEM
  remote: https://rubygems.org/
  specs:
    rack (2.1.4)
    rack-test (1.1.0)
      rack (>= 1.0, < 3)
    require_relative (1.0.3)

PLATFORMS
  ruby

DEPENDENCIES
  rack
  rack-test
  require_relative (~> 1.0, >= 1.0.3)

BUNDLED WITH
   2.1.4
